GEM
  remote: http://rubygems.org/
  specs:
    abstract (1.0.0)
    actionmailer (3.1.0)
      actionpack (= 3.1.0)
      mail (~> 2.3.0)
    actionpack (3.1.0)
      activemodel (= 3.1.0)
      activesupport (= 3.1.0)
      builder (~> 3.0.0)
      erubis (~> 2.7.0)
      i18n (~> 0.6)
      rack (~> 1.3.2)
      rack-cache (~> 1.0.3)
      rack-mount (~> 0.8.2)
      rack-test (~> 0.6.1)
      sprockets (~> 2.0.0)
    activemodel (3.1.0)
      activesupport (= 3.1.0)
      bcrypt-ruby (~> 3.0.0)
      builder (~> 3.0.0)
      i18n (~> 0.6)
    activerecord (3.1.0)
      activemodel (= 3.1.0)
      activesupport (= 3.1.0)
      arel (~> 2.2.1)
      tzinfo (~> 0.3.29)
    activeresource (3.1.0)
      activemodel (= 3.1.0)
      activesupport (= 3.1.0)
    activesupport (3.1.0)
      multi_json (~> 1.0)
    addressable (2.2.6)
    archive-tar-minitar (0.5.2)
    arel (2.2.1)
    bcrypt-ruby (3.0.1)
    builder (3.0.0)
    columnize (0.3.4)
    crack (0.3.1)
    diff-lcs (1.1.3)
    digestion (1.2.1)
      actionpack (~> 3.1.0)
    easy_translate (0.2.1)
      json
    erubis (2.7.0)
    git (1.2.5)
    haml (3.1.3)
    hike (1.2.1)
    hiredis (0.3.2)
    i18n (0.6.0)
    jeweler (1.5.2)
      bundler (~> 1.0.0)
      git (>= 1.2.5)
      rake
    jquery-rails (1.0.14)
      railties (~> 3.0)
      thor (~> 0.14)
    json (1.6.1)
    kaminari (0.12.4)
      rails (>= 3.0.0)
    linecache19 (0.5.12)
      ruby_core_source (>= 0.1.4)
    lolita (3.2.0.rc.3)
      abstract
      builder (~> 3.0)
      haml (~> 3.1.2)
      jquery-rails
      kaminari (~> 0.12.4)
      rails (~> 3.1.0)
      tinymce-rails
    mail (2.3.0)
      i18n (>= 0.4.0)
      mime-types (~> 1.16)
      treetop (~> 1.4.8)
    mime-types (1.16)
    multi_json (1.0.3)
    polyglot (0.3.2)
    rack (1.3.3)
    rack-cache (1.0.3)
      rack (>= 0.4)
    rack-mount (0.8.3)
      rack (>= 1.0.0)
    rack-ssl (1.3.2)
      rack
    rack-test (0.6.1)
      rack (>= 1.0)
    rails (3.1.0)
      actionmailer (= 3.1.0)
      actionpack (= 3.1.0)
      activerecord (= 3.1.0)
      activeresource (= 3.1.0)
      activesupport (= 3.1.0)
      bundler (~> 1.0)
      railties (= 3.1.0)
    railties (3.1.0)
      actionpack (= 3.1.0)
      activesupport (= 3.1.0)
      rack-ssl (~> 1.3.2)
      rake (>= 0.8.7)
      rdoc (~> 3.4)
      thor (~> 0.14.6)
    rake (0.9.2)
    rcov (0.9.10)
    rdoc (3.9.4)
    redis (2.2.2)
    rspec (2.6.0)
      rspec-core (~> 2.6.0)
      rspec-expectations (~> 2.6.0)
      rspec-mocks (~> 2.6.0)
    rspec-core (2.6.4)
    rspec-expectations (2.6.0)
      diff-lcs (~> 1.1.2)
    rspec-mocks (2.6.0)
    rspec-rails (2.6.1)
      actionpack (~> 3.0)
      activesupport (~> 3.0)
      railties (~> 3.0)
      rspec (~> 2.6.0)
    ruby-debug-base19 (0.11.25)
      columnize (>= 0.3.1)
      linecache19 (>= 0.5.11)
      ruby_core_source (>= 0.1.4)
    ruby-debug19 (0.11.6)
      columnize (>= 0.3.1)
      linecache19 (>= 0.5.11)
      ruby-debug-base19 (>= 0.11.19)
    ruby_core_source (0.1.5)
      archive-tar-minitar (>= 0.5.2)
    shoulda (2.11.3)
    sprockets (2.0.0)
      hike (~> 1.2)
      rack (~> 1.0)
      tilt (!= 1.3.0, ~> 1.1)
    thor (0.14.6)
    tilt (1.3.3)
    tinymce-rails (3.4.5)
      digestion (~> 1.0)
      railties (~> 3.1.0)
    treetop (1.4.10)
      polyglot
      polyglot (>= 0.3.1)
    tzinfo (0.3.29)
    webmock (1.7.6)
      addressable (> 2.2.5, ~> 2.2)
      crack (>= 0.1.7)
    yajl-ruby (1.0.0)

PLATFORMS
  ruby

DEPENDENCIES
  bundler (~> 1.0.0)
  easy_translate (~> 0.2.1)
  hiredis (~> 0.3.1)
  jeweler (~> 1.5.2)
  lolita (~> 3.2.0.rc.3)
  rcov
  redis (~> 2.2.2)
  rspec (~> 2.6.0)
  rspec-rails (~> 2.6.0)
  ruby-debug19
  shoulda
  webmock (~> 1.7.6)
  yajl-ruby (~> 1.0.0)
